GEM
  remote: https://rubygems.org/
  specs:
    crass (1.0.3)
    kramdown (1.16.2)
    mini_portile2 (2.3.0)
    nokogiri (1.8.2)
      mini_portile2 (~> 2.3.0)
    rouge (3.1.1)

PLATFORMS
  ruby

DEPENDENCIES
  crass
  kramdown
  nokogiri
  rouge

BUNDLED WITH
   1.16.1
